GEM
  remote: https://rubygems.org/
  specs:
    activesupport (4.1.16)
      i18n (~> 0.6, >= 0.6.9)
      json (~> 1.7, >= 1.7.7)
      minitest (~> 5.1)
      thread_safe (~> 0.1)
      tzinfo (~> 1.1)
    autoprefixer-rails (0.8.20131213)
      execjs
    celluloid (0.16.0)
      timers (~> 4.0.0)
    chunky_png (1.3.8)
    coderay (1.1.1)
    coffee-script (2.4.1)
      coffee-script-source
      execjs
    coffee-script-source (1.12.2)
    compass (0.12.7)
      chunky_png (~> 1.2)
      fssm (>= 0.2.7)
      sass (~> 3.2.19)
    compass-h5bp (0.1.2)
      compass
    compass-import-once (1.0.5)
      sass (>= 3.2, < 3.5)
    docile (1.1.5)
    erubis (2.7.0)
    eventmachine (1.2.2)
    execjs (2.7.0)
    exifr (1.2.5)
    favicon_maker (1.3.1)
      docile (~> 1.1)
    ffi (1.9.17)
    fspath (2.1.1)
    fssm (0.2.10)
    haml (4.0.7)
      tilt
    hike (1.2.3)
    hitimes (1.2.4)
    hooks (0.4.1)
      uber (~> 0.0.14)
    i18n (0.6.11)
    image_optim (0.20.2)
      exifr (~> 1.1, >= 1.1.3)
      fspath (~> 2.1)
      image_size (~> 1.3)
      in_threads (~> 1.3)
      progress (~> 3.0, >= 3.0.1)
    image_optim_pack (0.2.3)
      fspath (>= 2.1, < 4)
      image_optim (~> 0.19)
    image_size (1.5.0)
    in_threads (1.3.1)
    json (1.8.6)
    kramdown (1.13.2)
    listen (2.10.1)
      celluloid (~> 0.16.0)
      rb-fsevent (>= 0.9.3)
      rb-inotify (>= 0.9)
    method_source (0.8.2)
    middleman (3.3.5)
      coffee-script (~> 2.2)
      compass (>= 0.12.4)
      compass-import-once (= 1.0.5)
      execjs (~> 2.0)
      haml (>= 4.0.5)
      kramdown (~> 1.2)
      middleman-core (= 3.3.5)
      middleman-sprockets (>= 3.1.2)
      sass (>= 3.2.17, < 4.0)
      uglifier (~> 2.5)
    middleman-autoprefixer (0.2.3)
      autoprefixer-rails (~> 0.8)
      middleman-core
    middleman-bower (1.0.2)
      sprockets-bower (>= 0.0.2)
    middleman-core (3.3.5)
      activesupport (~> 4.1.0)
      bundler (~> 1.1)
      erubis
      hooks (~> 0.3)
      i18n (~> 0.6.9)
      listen (>= 2.7.9, < 3.0)
      padrino-helpers (~> 0.12.3)
      rack (>= 1.4.5, < 2.0)
      rack-test (~> 0.6.2)
      thor (>= 0.15.2, < 2.0)
      tilt (~> 1.4.1, < 2.0)
    middleman-deploy (0.2.4)
      middleman-core (>= 3.0.0)
      net-sftp
      ptools
    middleman-favicon-maker (3.7)
      favicon_maker (~> 1.3)
      middleman-core (>= 3.0.0)
    middleman-gh-pages (0.0.3)
      rake (> 0.9.3)
    middleman-imageoptim (0.2.1)
      image_optim (~> 0.20.2)
      image_optim_pack (~> 0.2.1)
      middleman-core (>= 3.1)
    middleman-minify-html (3.1.1)
      middleman-core (~> 3.0)
    middleman-pry (0.0.4)
      middleman-core (~> 3.2)
      pry (~> 0.9)
    middleman-sprockets (3.5.0)
      middleman-core (>= 3.3)
      sprockets (~> 2.12.1)
      sprockets-helpers (~> 1.1.0)
      sprockets-sass (~> 1.3.0)
    minitest (5.10.1)
    modular-scale (2.0.6)
      compass (>= 0.12.0)
    multi_json (1.12.1)
    net-sftp (2.1.2)
      net-ssh (>= 2.6.5)
    net-ssh (4.0.1)
    normalize-scss (2.2.0)
      compass (~> 0.12.0)
      sass (~> 3.2.0)
    padrino-helpers (0.12.8.1)
      i18n (~> 0.6, >= 0.6.7)
      padrino-support (= 0.12.8.1)
      tilt (~> 1.4.1)
    padrino-support (0.12.8.1)
      activesupport (>= 3.1)
    progress (3.3.0)
    pry (0.10.4)
      coderay (~> 1.1.0)
      method_source (~> 0.8.1)
      slop (~> 3.4)
    ptools (1.3.3)
    rack (1.6.5)
    rack-test (0.6.3)
      rack (>= 1.0)
    rake (12.0.0)
    rb-fsevent (0.9.8)
    rb-inotify (0.9.8)
      ffi (>= 0.5.0)
    redcarpet (3.4.0)
    sass (3.2.19)
    slim (2.0.3)
      temple (~> 0.6.6)
      tilt (>= 1.3.3, < 2.1)
    slop (3.6.0)
    sprockets (2.12.4)
      hike (~> 1.2)
      multi_json (~> 1.0)
      rack (~> 1.0)
      tilt (~> 1.1, != 1.3.0)
    sprockets-bower (0.0.2)
    sprockets-helpers (1.1.0)
      sprockets (~> 2.0)
    sprockets-sass (1.3.1)
      sprockets (~> 2.0)
      tilt (~> 1.1)
    susy (1.0.9)
      compass (>= 0.12.2)
      sass (>= 3.2.0)
    temple (0.6.10)
    thor (0.19.4)
    thread_safe (0.3.6)
    tilt (1.4.1)
    timers (4.0.4)
      hitimes
    tzinfo (1.2.10)
      thread_safe (~> 0.1)
    uber (0.0.15)
    uglifier (2.7.2)
      execjs (>= 0.3.0)
      json (>= 1.8.0)

PLATFORMS
  ruby

DEPENDENCIES
  compass-h5bp (~> 0.1.2)
  eventmachine (~> 1.2, >= 1.2.2)
  middleman (~> 3.2)
  middleman-autoprefixer (~> 0.2.3)
  middleman-bower (~> 1.0.2)
  middleman-deploy (~> 0.2.3)
  middleman-favicon-maker (~> 3.2)
  middleman-gh-pages (~> 0.0.2)
  middleman-imageoptim (~> 0.2.1)
  middleman-minify-html (~> 3.1.1)
  middleman-pry (~> 0.0.3)
  modular-scale (~> 2.0.4)
  normalize-scss (~> 2.2.0)
  redcarpet (~> 3.3, >= 3.3.4)
  slim (~> 2.0.1)
  susy (~> 1.0.9)

BUNDLED WITH
   1.12.5
